GEM
  remote: https://rubygems.org/
  specs:
    actionpack (7.0.8)
      actionview (= 7.0.8)
      activesupport (= 7.0.8)
      rack (~> 2.0, >= 2.2.4)
      rack-test (>= 0.6.3)
      rails-dom-testing (~> 2.0)
      rails-html-sanitizer (~> 1.0, >= 1.2.0)
    actionview (7.0.8)
      activesupport (= 7.0.8)
      builder (~> 3.1)
      erubi (~> 1.4)
      rails-dom-testing (~> 2.0)
      rails-html-sanitizer (~> 1.1, >= 1.2.0)
    activemodel (7.0.8)
      activesupport (= 7.0.8)
    activerecord (7.0.8)
      activemodel (= 7.0.8)
      activesupport (= 7.0.8)
    activesupport (7.0.8)
      concurrent-ruby (~> 1.0, >= 1.0.2)
      i18n (>= 1.6, < 2)
      minitest (>= 5.1)
      tzinfo (~> 2.0)
    async (1.31.0)
      console (~> 1.10)
      nio4r (~> 2.3)
      timers (~> 4.1)
    async-dns (1.3.0)
      async-io (~> 1.15)
    async-io (1.38.0)
      async
    builder (3.2.4)
    coderay (1.1.3)
    concurrent-ruby (1.2.2)
    console (1.23.2)
      fiber-annotation
      fiber-local
    crass (1.0.6)
    daemons (1.4.1)
    dry-container (0.11.0)
      concurrent-ruby (~> 1.0)
    erubi (1.12.0)
    eventmachine (1.2.7)
    fiber-annotation (0.2.0)
    fiber-local (1.0.0)
    i18n (1.14.1)
      concurrent-ruby (~> 1.0)
    loofah (2.21.4)
      crass (~> 1.0.2)
      nokogiri (>= 1.12.0)
    method_source (1.0.0)
    minitest (5.20.0)
    mustermann (3.0.0)
      ruby2_keywords (~> 0.0.1)
    net-ping (2.0.8)
    net_http_unix (0.2.2)
    nio4r (2.7.0)
    nokogiri (1.15.4-x86_64-darwin)
      racc (~> 1.4)
    nokogiri (1.15.4-x86_64-linux)
      racc (~> 1.4)
    pry (0.14.2)
      coderay (~> 1.1)
      method_source (~> 1.0)
    racc (1.7.3)
    rack (2.2.8)
    rack-protection (3.1.0)
      rack (~> 2.2, >= 2.2.4)
    rack-test (2.1.0)
      rack (>= 1.3)
    rails-dom-testing (2.2.0)
      activesupport (>= 5.0.0)
      minitest
      nokogiri (>= 1.6)
    rails-html-sanitizer (1.6.0)
      loofah (~> 2.21)
      nokogiri (~> 1.14)
    railties (7.0.8)
      actionpack (= 7.0.8)
      activesupport (= 7.0.8)
      method_source
      rake (>= 12.2)
      thor (~> 1.0)
      zeitwerk (~> 2.5)
    rake (13.1.0)
    ruby2_keywords (0.0.5)
    rubydns (2.0.2)
      async-dns (~> 1.0)
    sinatra (3.1.0)
      mustermann (~> 3.0)
      rack (~> 2.2, >= 2.2.4)
      rack-protection (= 3.1.0)
      tilt (~> 2.0)
    sinatra-activerecord (2.0.27)
      activerecord (>= 4.1)
      sinatra (>= 1.0)
    sqlite3 (1.6.8-x86_64-darwin)
    sqlite3 (1.6.8-x86_64-linux)
    standalone_migrations (7.1.2)
      activerecord (>= 6.0.0, < 7.1.0)
      nokogiri (~> 1.14)
      railties (>= 6.0.0, < 7.1.0)
      rake (>= 10.0)
    thin (1.8.2)
      daemons (~> 1.0, >= 1.0.9)
      eventmachine (~> 1.0, >= 1.0.4)
      rack (>= 1, < 3)
    thor (1.3.0)
    tilt (2.3.0)
    timers (4.3.5)
    tzinfo (2.0.6)
      concurrent-ruby (~> 1.0)
    zeitwerk (2.6.12)

PLATFORMS
  x86_64-darwin-22
  x86_64-linux

DEPENDENCIES
  async-dns
  dry-container
  net-ping
  net_http_unix
  pry
  rack (>= 2.0.6)
  rubydns
  sinatra
  sinatra-activerecord
  sqlite3
  standalone_migrations
  thin

BUNDLED WITH
   2.4.10
